PATH
  remote: .
  specs:
    homie-mqtt (1.4.1)
      mqtt-ccutrer (~> 1.0)

GEM
  remote: https://rubygems.org/
  specs:
    byebug (9.1.0)
    mqtt-ccutrer (1.0.0)
    rake (13.0.1)

PLATFORMS
  ruby

DEPENDENCIES
  byebug (~> 9.0)
  homie-mqtt!
  rake (~> 13.0)

BUNDLED WITH
   2.1.4
