PATH
  remote: .
  specs:
    homie-mqtt (1.6.3)
      mqtt-ccutrer (~> 1.0, >= 1.0.3)
      ruby2_keywords (~> 0.0.5)

GEM
  remote: https://rubygems.org/
  specs:
    ast (2.4.2)
    byebug (9.1.0)
    json (2.6.3)
    language_server-protocol (3.17.0.3)
    mqtt-ccutrer (1.0.3)
    parallel (1.23.0)
    parser (3.2.2.4)
      ast (~> 2.4.1)
      racc
    racc (1.7.3)
    rainbow (3.1.1)
    rake (13.0.1)
    regexp_parser (2.8.2)
    rexml (3.2.6)
    rubocop (1.57.2)
      json (~> 2.3)
      language_server-protocol (>= 3.17.0)
      parallel (~> 1.10)
      parser (>= 3.2.2.4)
      rainbow (>= 2.2.2, < 4.0)
      regexp_parser (>= 1.8, < 3.0)
      rexml (>= 3.2.5, < 4.0)
      rubocop-ast (>= 1.28.1, < 2.0)
      ruby-progressbar (~> 1.7)
      unicode-display_width (>= 2.4.0, < 3.0)
    rubocop-ast (1.30.0)
      parser (>= 3.2.1.0)
    rubocop-inst (1.0.2)
      rubocop (~> 1.50)
      rubocop-performance (~> 1.17)
    rubocop-performance (1.19.1)
      rubocop (>= 1.7.0, < 2.0)
      rubocop-ast (>= 0.4.0)
    rubocop-rake (0.6.0)
      rubocop (~> 1.0)
    ruby-progressbar (1.13.0)
    ruby2_keywords (0.0.5)
    unicode-display_width (2.5.0)

PLATFORMS
  ruby

DEPENDENCIES
  byebug (~> 9.0)
  homie-mqtt!
  rake (~> 13.0)
  rubocop-inst (~> 1.0)
  rubocop-rake (~> 0.6)

BUNDLED WITH
   2.1.4
